PATH
  remote: .
  specs:
    adhearsion-rabbit (0.0.1)
      activesupport (>= 3.0.10)
      adhearsion (~> 2.4)
      bunny (>= 1.0.0.rc2)

GEM
  remote: http://rubygems.org/
  specs:
    activesupport (4.0.0)
      i18n (~> 0.6, >= 0.6.4)
      minitest (~> 4.2)
      multi_json (~> 1.3)
      thread_safe (~> 0.1)
      tzinfo (~> 0.3.37)
    adhearsion (2.4.0)
      activesupport (>= 3.0.0, < 5.0.0)
      adhearsion-loquacious (~> 1.9)
      bundler (~> 1.0)
      celluloid (~> 0.14)
      countdownlatch
      deep_merge
      ffi (~> 1.0)
      girl_friday
      has-guarded-handlers (~> 1.5)
      logging (~> 1.8)
      pry
      punchblock (~> 2.0)
      rake
      ruby_speech (~> 2.0)
      thor (~> 0.18.0)
    adhearsion-loquacious (1.9.3)
    amq-protocol (1.8.0)
    atomic (1.1.14)
    backports (3.3.4)
    blather (0.8.8)
      activesupport (>= 2.3.11)
      eventmachine (>= 1.0.0)
      girl_friday
      niceogiri (~> 1.0)
      nokogiri (~> 1.5, >= 1.5.6)
    bunny (1.0.0.rc2)
      amq-protocol (>= 1.8.0)
    celluloid (0.15.2)
      timers (~> 1.1.0)
    celluloid-io (0.15.0)
      celluloid (>= 0.15.0)
      nio4r (>= 0.5.0)
    coderay (1.0.9)
    connection_pool (1.1.0)
    countdownlatch (1.0.0)
    deep_merge (1.0.0)
    descendants_tracker (0.0.3)
    diff-lcs (1.2.4)
    eventmachine (1.0.3)
    ffi (1.9.0)
    formatador (0.2.4)
    future-resource (1.1.0)
    girl_friday (0.11.2)
      connection_pool (~> 1.0)
      rubinius-actor
    guard (2.0.3)
      formatador (>= 0.2.4)
      listen (~> 2.0)
      lumberjack (~> 1.0)
      pry (>= 0.9.12)
      thor (>= 0.18.1)
    guard-rspec (3.1.0)
      guard (>= 1.8)
      rspec (~> 2.13)
    has-guarded-handlers (1.5.0)
    i18n (0.6.5)
    json (1.8.0)
    listen (2.0.0)
      celluloid (>= 0.15.1)
      rb-fsevent (>= 0.9.3)
      rb-inotify (>= 0.9)
    little-plugger (1.1.3)
    logging (1.8.1)
      little-plugger (>= 1.1.3)
      multi_json (>= 1.3.6)
    lumberjack (1.0.4)
    method_source (0.8.2)
    mini_portile (0.5.1)
    minitest (4.7.5)
    multi_json (1.8.1)
    niceogiri (1.1.2)
      nokogiri (~> 1.5)
    nio4r (0.5.0)
    nokogiri (1.6.0)
      mini_portile (~> 0.5.0)
    pry (0.9.12.2)
      coderay (~> 1.0.5)
      method_source (~> 0.8)
      slop (~> 3.4)
    punchblock (2.0.1)
      activesupport (>= 3.0.0, < 5.0.0)
      blather (>= 0.7.0)
      celluloid (~> 0.14)
      future-resource (~> 1.0)
      has-guarded-handlers (~> 1.5)
      nokogiri (~> 1.5, >= 1.5.6)
      ruby_ami (~> 2.0)
      ruby_fs (~> 1.1)
      ruby_jid (~> 1.0)
      ruby_speech (~> 2.0)
      state_machine (~> 1.0)
      virtus
    rake (10.1.0)
    rb-fsevent (0.9.3)
    rb-inotify (0.9.2)
      ffi (>= 0.5.0)
    rspec (2.14.1)
      rspec-core (~> 2.14.0)
      rspec-expectations (~> 2.14.0)
      rspec-mocks (~> 2.14.0)
    rspec-core (2.14.5)
    rspec-expectations (2.14.3)
      diff-lcs (>= 1.1.3, < 2.0)
    rspec-mocks (2.14.3)
    rubinius-actor (0.0.2)
      rubinius-core-api
    rubinius-core-api (0.0.1)
    ruby_ami (2.1.0)
      celluloid-io (~> 0.13)
    ruby_fs (1.1.0)
      celluloid-io (~> 0.13)
      json
    ruby_jid (1.0.0)
    ruby_speech (2.3.0)
      activesupport (>= 3.0.7, < 5.0.0)
      nokogiri (~> 1.6)
    slop (3.4.6)
    state_machine (1.2.0)
    thor (0.18.1)
    thread_safe (0.1.3)
      atomic
    timers (1.1.0)
    tzinfo (0.3.37)
    virtus (0.5.5)
      backports (~> 3.3)
      descendants_tracker (~> 0.0.1)

PLATFORMS
  ruby

DEPENDENCIES
  adhearsion-rabbit!
  bundler (~> 1.0)
  guard-rspec
  rake
  rspec (~> 2.5)
